GEM
  remote: https://rubygems.org/
  specs:
    chipmunk (6.1.3.4)
    dxruby (1.4.5)

PLATFORMS
  x86-mingw32

DEPENDENCIES
  chipmunk
  dxruby

BUNDLED WITH
   1.13.2
